{
	"Modality": "MR",
	"MagneticFieldStrength": 3,
	"ImagingFrequency": 123.259,
	"Manufacturer": "Siemens",
	"ManufacturersModelName": "TrioTim",
	"InstitutionName": "Center_for_Information_and_Neural_Networks",
	"InstitutionalDepartmentName": "Department",
	"InstitutionAddress": "Street_StreetNo_B390A3_District_JP_ZIP",
	"DeviceSerialNumber": "35466",
	"StationName": "MRC35466",
	"PatientPosition": "HFS",
	"ProcedureStepDescription": "NICT_Nishimoto",
	"SoftwareVersions": "syngo_MR_B17",
	"MRAcquisitionType": "3D",
	"SeriesDescription": "t1_mpr_sag_p2_iso_1.0mm_SN",
	"ProtocolName": "t1_mpr_sag_p2_iso_1.0mm_SN",
	"ScanningSequence": "GR_IR",
	"SequenceVariant": "SP_MP",
	"ScanOptions": "IR",
	"SequenceName": "_tfl3d1rr_ns",
	"ImageType": ["ORIGINAL", "PRIMARY", "M", "ND", "NORM"],
	"SeriesNumber": 11,
	"AcquisitionTime": "16:46:48.140000",
	"AcquisitionNumber": 1,
	"SliceThickness": 1,
	"SAR": 0.117207,
	"EchoTime": 0.00326,
	"RepetitionTime": 2.53,
	"InversionTime": 1.2,
	"FlipAngle": 9,
	"PartialFourier": 1,
	"BaseResolution": 256,
	"ShimSetting": [
		-262,
		-10129,
		-3991,
		211,
		140,
		-347,
		213,
		-174	],
	"TxRefAmp": 355.665,
	"PhaseResolution": 1,
	"ReceiveCoilName": "32Ch_Head",
	"CoilString": "C:HEA;HEP",
	"PulseSequenceDetails": "%SiemensSeq%_tfl",
	"RefLinesPE": 32,
	"PercentPhaseFOV": 100,
	"PhaseEncodingSteps": 255,
	"AcquisitionMatrixPE": 256,
	"ReconMatrixPE": 256,
	"ParallelReductionFactorInPlane": 2,
	"PixelBandwidth": 199,
	"DwellTime": 9.8e-06,
	"ImageOrientationPatientDICOM": [
		0.0122192,
		0.999925,
		-3.347e-08,
		0.0523318,
		-0.000639532,
		-0.99863	],
	"InPlanePhaseEncodingDirectionDICOM": "ROW",
	"ConversionSoftware": "dcm2niix",
	"ConversionSoftwareVersion": "v1.0.20190902"
}
