{
	"TaskName": "training",
	"Modality": "MR",
	"MagneticFieldStrength": 3,
	"ImagingFrequency": 123.259,
	"Manufacturer": "Siemens",
	"ManufacturersModelName": "TrioTim",
	"InstitutionName": "Center_for_Information_and_Neural_Networks",
	"InstitutionalDepartmentName": "Department",
	"InstitutionAddress": "Street_StreetNo_B390A3_District_JP_ZIP",
	"DeviceSerialNumber": "35466",
	"StationName": "MRC35466",
	"PatientPosition": "HFS",
	"ProcedureStepDescription": "NICT_Nishimoto",
	"SoftwareVersions": "syngo_MR_B17",
	"MRAcquisitionType": "2D",
	"SeriesDescription": "mbep2d_MB3_TR2_2mm_PF6_BW1446_281",
	"ProtocolName": "mbep2d_MB3_TR2_2mm_PF6_BW1446_281",
	"ScanningSequence": "EP",
	"SequenceVariant": "SK_SS",
	"ScanOptions": "PFP_FS",
	"SequenceName": "epfid2d1_96",
	"ImageType": ["ORIGINAL", "PRIMARY", "M", "MB", "ND", "NORM", "MOSAIC"],
	"SeriesNumber": 7,
	"AcquisitionTime": "13:45:33.585000",
	"AcquisitionNumber": 1,
	"ImageComments": "Unaliased_MB3_PE3_(remote)",
	"SliceThickness": 2,
	"SpacingBetweenSlices": 2,
	"SAR": 0.179067,
	"EchoTime": 0.03,
	"RepetitionTime": 2,
	"FlipAngle": 62,
	"PartialFourier": 0.75,
	"BaseResolution": 96,
	"ShimSetting": [
		-313,
		-10089,
		-3938,
		398,
		-45,
		-283,
		241,
		114	],
	"TxRefAmp": 343.108,
	"PhaseResolution": 1,
	"ReceiveCoilName": "32Ch_Head",
	"CoilString": "C:HEA;HEP",
	"PulseSequenceDetails": "%CustomerSeq%_cmrr_mbep2d_bold",
	"MultibandAccelerationFactor": 3,
	"PercentPhaseFOV": 100,
	"PhaseEncodingSteps": 72,
	"AcquisitionMatrixPE": 96,
	"ReconMatrixPE": 96,
	"BandwidthPerPixelPhaseEncode": 13.021,
	"EffectiveEchoSpacing": 0.00079999,
	"DerivedVendorReportedEchoSpacing": 0.00079999,
	"TotalReadoutTime": 0.075999,
	"PixelBandwidth": 1447,
	"DwellTime": 3.6e-06,
	"PhaseEncodingDirection": "j-",
	"SliceTiming": [
		0,
		0.92,
		1.84,
		0.7525,
		1.6725,
		0.585,
		1.505,
		0.4175,
		1.3375,
		0.25,
		1.17,
		0.0825,
		1.0025,
		1.9225,
		0.835,
		1.755,
		0.6675,
		1.5875,
		0.5,
		1.42,
		0.3325,
		1.2525,
		0.165,
		1.085,
		0,
		0.92,
		1.84,
		0.7525,
		1.6725,
		0.585,
		1.505,
		0.4175,
		1.3375,
		0.25,
		1.17,
		0.0825,
		1.0025,
		1.9225,
		0.835,
		1.755,
		0.6675,
		1.5875,
		0.5,
		1.42,
		0.3325,
		1.2525,
		0.165,
		1.085,
		0,
		0.92,
		1.84,
		0.7525,
		1.6725,
		0.585,
		1.505,
		0.4175,
		1.3375,
		0.25,
		1.17,
		0.0825,
		1.0025,
		1.9225,
		0.835,
		1.755,
		0.6675,
		1.5875,
		0.5,
		1.42,
		0.3325,
		1.2525,
		0.165,
		1.085	],
	"ImageOrientationPatientDICOM": [
		0.999511,
		0.0104758,
		-0.0294594,
		-0.0122119,
		0.998161,
		-0.0593833	],
	"InPlanePhaseEncodingDirectionDICOM": "COL",
	"ConversionSoftware": "dcm2niix",
	"ConversionSoftwareVersion": "v1.0.20190902"
}
