{
	"TaskName": "training",
	"Modality": "MR",
	"MagneticFieldStrength": 3,
	"ImagingFrequency": 123.259,
	"Manufacturer": "Siemens",
	"ManufacturersModelName": "TrioTim",
	"InstitutionName": "Center_for_Information_and_Neural_Networks",
	"InstitutionalDepartmentName": "Department",
	"InstitutionAddress": "Street_StreetNo_B390A3_District_JP_ZIP",
	"DeviceSerialNumber": "35466",
	"StationName": "MRC35466",
	"PatientPosition": "HFS",
	"ProcedureStepDescription": "NICT_Nishimoto",
	"SoftwareVersions": "syngo_MR_B17",
	"MRAcquisitionType": "2D",
	"SeriesDescription": "mbep2d_MB3_TR2_2mm_PF6_BW1446_281",
	"ProtocolName": "mbep2d_MB3_TR2_2mm_PF6_BW1446_281",
	"ScanningSequence": "EP",
	"SequenceVariant": "SK_SS",
	"ScanOptions": "PFP_FS",
	"SequenceName": "epfid2d1_96",
	"ImageType": ["ORIGINAL", "PRIMARY", "M", "MB", "ND", "NORM", "MOSAIC"],
	"SeriesNumber": 5,
	"AcquisitionTime": "10:21:53.762500",
	"AcquisitionNumber": 1,
	"ImageComments": "Unaliased_MB3_PE3_(remote)",
	"SliceThickness": 2,
	"SpacingBetweenSlices": 2,
	"SAR": 0.198623,
	"EchoTime": 0.03,
	"RepetitionTime": 2,
	"FlipAngle": 62,
	"PartialFourier": 0.75,
	"BaseResolution": 96,
	"ShimSetting": [
		-287,
		-10092,
		-3952,
		347,
		43,
		-357,
		299,
		88	],
	"TxRefAmp": 350.378,
	"PhaseResolution": 1,
	"ReceiveCoilName": "32Ch_Head",
	"CoilString": "C:HEA;HEP",
	"PulseSequenceDetails": "%CustomerSeq%_cmrr_mbep2d_bold",
	"MultibandAccelerationFactor": 3,
	"PercentPhaseFOV": 100,
	"PhaseEncodingSteps": 72,
	"AcquisitionMatrixPE": 96,
	"ReconMatrixPE": 96,
	"BandwidthPerPixelPhaseEncode": 13.021,
	"EffectiveEchoSpacing": 0.00079999,
	"DerivedVendorReportedEchoSpacing": 0.00079999,
	"TotalReadoutTime": 0.075999,
	"PixelBandwidth": 1447,
	"DwellTime": 3.6e-06,
	"PhaseEncodingDirection": "j-",
	"SliceTiming": [
		0,
		0.92,
		1.84,
		0.7525,
		1.6725,
		0.585,
		1.505,
		0.4175,
		1.3375,
		0.25,
		1.17,
		0.0825,
		1.0025,
		1.9225,
		0.8375,
		1.7575,
		0.67,
		1.59,
		0.5025,
		1.4225,
		0.335,
		1.255,
		0.1675,
		1.0875,
		0,
		0.92,
		1.84,
		0.7525,
		1.6725,
		0.585,
		1.505,
		0.4175,
		1.3375,
		0.25,
		1.17,
		0.0825,
		1.0025,
		1.9225,
		0.8375,
		1.7575,
		0.67,
		1.59,
		0.5025,
		1.4225,
		0.335,
		1.255,
		0.1675,
		1.0875,
		0,
		0.92,
		1.84,
		0.7525,
		1.6725,
		0.585,
		1.505,
		0.4175,
		1.3375,
		0.25,
		1.17,
		0.0825,
		1.0025,
		1.9225,
		0.8375,
		1.7575,
		0.67,
		1.59,
		0.5025,
		1.4225,
		0.335,
		1.255,
		0.1675,
		1.0875	],
	"ImageOrientationPatientDICOM": [
		0.997801,
		0.0662739,
		0,
		-0.0662739,
		0.997801,
		0	],
	"InPlanePhaseEncodingDirectionDICOM": "COL",
	"ConversionSoftware": "dcm2niix",
	"ConversionSoftwareVersion": "v1.0.20190902"
}
